PATH
  remote: .
  specs:
    generate_doc (0.0.1)

GEM
  remote: https://rubygems.org/
  specs:
    awesome_print (1.2.0)
    rake (10.1.0)

PLATFORMS
  ruby

DEPENDENCIES
  awesome_print
  bundler (~> 1.3)
  generate_doc!
  rake
