PATH
  remote: .
  specs:
    gumiho (0.0.1)
      choice (~> 0.1.6)

GEM
  remote: https://rubygems.org/
  specs:
    awesome_print (1.2.0)
    choice (0.1.6)
    rake (10.1.0)

PLATFORMS
  ruby

DEPENDENCIES
  awesome_print
  bundler (~> 1.3)
  gumiho!
  rake
